GEM
  remote: https://rubygems.org/
  specs:
    call-me (0.0.2.3)
      refining
    ffi (1.9.8)
    ffi-extra (0.1.0)
      ffi
    ffi-inline (0.0.4.3)
      ffi (>= 0.4.0)
    iso-639 (0.2.5)
    refining (0.0.5.5)
    rmagick (2.15.2)
    tesseract-ocr (0.1.7)
      call-me
      ffi-extra
      ffi-inline
      iso-639

PLATFORMS
  ruby

DEPENDENCIES
  rmagick
  tesseract-ocr
